GEM
  remote: https://rubygems.org/
  specs:
    minitest (5.11.3)
    yard (0.9.19)

PLATFORMS
  x64-mingw32

DEPENDENCIES
  minitest
  yard

BUNDLED WITH
   1.17.2
